GEM
  remote: https://rubygems.org/
  specs:
    erubi (1.13.1)
    multi_json (1.15.0)
    mustermann (2.0.2)
      ruby2_keywords (~> 0.0.1)
    nio4r (2.7.0)
    pg (1.5.4)
    puma (6.4.0)
      nio4r (~> 2.0)
    rack (2.2.17)
    rack-protection (2.2.4)
      rack
    ruby2_keywords (0.0.5)
    sinatra (2.2.4)
      mustermann (~> 2.0)
      rack (~> 2.2)
      rack-protection (= 2.2.4)
      tilt (~> 2.0)
    sinatra-contrib (2.2.4)
      multi_json
      mustermann (~> 2.0)
      rack-protection (= 2.2.4)
      sinatra (= 2.2.4)
      tilt (~> 2.0)
    tilt (2.6.1)

PLATFORMS
  x86_64-darwin-22
  x86_64-darwin-24
  x86_64-linux

DEPENDENCIES
  erubi
  pg
  puma
  sinatra (~> 2.2)
  sinatra-contrib

RUBY VERSION
   ruby 3.2.2p53

BUNDLED WITH
   2.4.19
